GEM
  remote: http://rubygems.org/
  remote: http://gemcutter.org/
  specs:
    ansi (1.4.3)
    awesome_print (1.1.0)
    backports (2.8.2)
    bourbon (2.1.2)
      sass (>= 3.2)
      thor
    coffee-script (2.2.0)
      coffee-script-source
      execjs
    coffee-script-source (1.4.0)
    columnize (0.3.6)
    debugger (1.3.1)
      columnize (>= 0.3.1)
      debugger-linecache (~> 1.1.1)
      debugger-ruby_core_source (~> 1.1.8)
    debugger-linecache (1.1.2)
      debugger-ruby_core_source (>= 1.1.1)
    debugger-ruby_core_source (1.1.8)
    diff-lcs (1.2.0)
    eventmachine (1.0.0)
    execjs (1.4.0)
      multi_json (~> 1.0)
    grit (2.5.0)
      diff-lcs (~> 1.1)
      mime-types (~> 1.15)
      posix-spawn (~> 0.3.6)
    json (1.7.6)
    metaclass (0.0.1)
    mime-types (1.20.1)
    mocha (0.13.2)
      metaclass (~> 0.0.1)
    multi_json (1.5.0)
    mysql2 (0.3.13)
    pinion (0.3.1)
      rack (~> 1.0)
    posix-spawn (0.3.6)
    rack (1.5.1)
    rack-protection (1.3.2)
      rack
    rack-test (0.6.2)
      rack (>= 1.0)
    rake (10.0.3)
    ruby-openid (2.3.0)
    sass (3.2.1)
    sequel (4.5.0)
    shoulda-context (1.0.2)
    sinatra (1.3.4)
      rack (~> 1.4)
      rack-protection (~> 1.3)
      tilt (~> 1.3, >= 1.3.3)
    sinatra-contrib (1.3.2)
      backports (>= 2.0)
      eventmachine
      rack-protection
      rack-test
      sinatra (~> 1.3.0)
      tilt (~> 1.3)
    thor (0.17.0)
    tilt (1.3.3)
    turn (0.9.6)
      ansi
    uglifier (1.2.7)
      execjs (>= 0.3.0)
      multi_json (~> 1.3)

PLATFORMS
  ruby

DEPENDENCIES
  awesome_print
  bourbon
  coffee-script
  debugger
  grit
  json
  mocha
  mysql2
  pinion
  rack
  rack-test
  rake (!= 0.9.0)
  ruby-openid
  sass
  sequel
  shoulda-context
  sinatra
  sinatra-contrib
  turn
  uglifier
